PATH
  remote: .
  specs:
    posty_cli (1.0.0)
      json
      rest-client
      thor

GEM
  remote: http://rubygems.org/
  specs:
    json (1.8.0)
    mime-types (1.23)
    rest-client (1.6.7)
      mime-types (>= 1.16)
    thor (0.18.1)

PLATFORMS
  ruby

DEPENDENCIES
  posty_cli!
